PATH
  remote: .
  specs:
    silkedit (0.1.7)
      base64 (>= 0.3.0)
      colorize (>= 1.1.0)
      fileutils (>= 1.7.3)
      http (>= 5.3.1)
      json (>= 2.15.1)
      nokogiri (>= 1.18.10)
      openssl (>= 3.3.1)
      rbcli (~> 0.4)
      yaml (>= 0.4.0)
      zlib (>= 3.2.1)

GEM
  remote: https://rubygems.org/
  specs:
    addressable (2.8.7)
      public_suffix (>= 2.0.2, < 7.0)
    base64 (0.3.0)
    bigdecimal (3.3.1)
    cgi (0.5.0)
    colorize (1.1.0)
    deep_merge (1.2.2)
    diff-lcs (1.6.2)
    domain_name (0.6.20240107)
    erb (4.0.4)
      cgi (>= 0.3.3)
    erubis (2.7.0)
    faraday (2.14.0)
      faraday-net_http (>= 2.0, < 3.5)
      json
      logger
    faraday-net_http (3.4.1)
      net-http (>= 0.5.0)
    faraday-retry (2.3.2)
      faraday (~> 2.0)
    ffi (1.17.2-arm64-darwin)
    ffi (1.17.2-x86_64-linux-gnu)
    ffi-compiler (1.3.2)
      ffi (>= 1.15.5)
      rake
    fileutils (1.7.3)
    http (5.3.1)
      addressable (~> 2.8)
      http-cookie (~> 1.0)
      http-form_data (~> 2.2)
      llhttp-ffi (~> 0.5.0)
    http-accept (1.7.0)
    http-cookie (1.1.0)
      domain_name (~> 0.5)
    http-form_data (2.3.0)
    json (2.15.1)
    json-schema (4.3.1)
      addressable (>= 2.8)
    llhttp-ffi (0.5.1)
      ffi-compiler (~> 1.0)
      rake (~> 13.0)
    logger (1.7.0)
    mime-types (3.7.0)
      logger
      mime-types-data (~> 3.2025, >= 3.2025.0507)
    mime-types-data (3.2025.0924)
    net-http (0.6.0)
      uri
    netrc (0.11.0)
    nokogiri (1.18.10-arm64-darwin)
      racc (~> 1.4)
    nokogiri (1.18.10-x86_64-linux-gnu)
      racc (~> 1.4)
    octokit (8.1.0)
      base64
      faraday (>= 1, < 3)
      sawyer (~> 0.9)
    openssl (3.3.1)
    paint (2.3.0)
    parslet (2.0.0)
    public_suffix (6.0.2)
    racc (1.8.1)
    rake (13.3.0)
    rbcli (0.4.3)
      bigdecimal (~> 3.1)
      colorize (~> 1.1)
      deep_merge (~> 1.2)
      erb (~> 4.0)
      erubis (~> 2.7)
      faraday-retry (~> 2.2)
      json-schema (~> 4.3)
      octokit (~> 8.1)
      paint (~> 2.3)
      rest-client (~> 2.1)
      toml (~> 0.3)
    rest-client (2.1.0)
      http-accept (>= 1.7.0, < 2.0)
      http-cookie (>= 1.0.2, < 2.0)
      mime-types (>= 1.16, < 4.0)
      netrc (~> 0.8)
    rspec (3.13.2)
      rspec-core (~> 3.13.0)
      rspec-expectations (~> 3.13.0)
      rspec-mocks (~> 3.13.0)
    rspec-core (3.13.3)
      rspec-support (~> 3.13.0)
    rspec-expectations (3.13.4)
      diff-lcs (>= 1.2.0, < 2.0)
      rspec-support (~> 3.13.0)
    rspec-mocks (3.13.3)
      diff-lcs (>= 1.2.0, < 2.0)
      rspec-support (~> 3.13.0)
    rspec-support (3.13.3)
    sawyer (0.9.2)
      addressable (>= 2.3.5)
      faraday (>= 0.17.3, < 3)
    toml (0.3.0)
      parslet (>= 1.8.0, < 3.0.0)
    uri (1.0.4)
    yaml (0.4.0)
    zlib (3.2.1)

PLATFORMS
  arm64-darwin-24
  x86_64-linux

DEPENDENCIES
  bundler (>= 2.7)
  rake (>= 13.3)
  rspec (>= 3.0)
  silkedit!

BUNDLED WITH
   2.7.1
